PATH
  remote: .
  specs:
    fantasy_football_lookup (0.1.0)

GEM
  remote: https://rubygems.org/
  specs:
    byebug (10.0.2)
    mini_portile2 (2.3.0)
    nokogiri (1.8.5)
      mini_portile2 (~> 2.3.0)
    rake (10.5.0)

PLATFORMS
  ruby

DEPENDENCIES
  bundler (~> 1.16)
  byebug
  fantasy_football_lookup!
  nokogiri
  rake (~> 10.0)

BUNDLED WITH
   1.16.4
